{
	"Modality": "MR",
	"MagneticFieldStrength": 3,
	"ImagingFrequency": 123.22,
	"Manufacturer": "Siemens",
	"ManufacturersModelName": "Prisma_fit",
	"InstitutionName": "Martinos Center Bay 4 Prisma",
	"InstitutionalDepartmentName": "Martinos Center",
	"InstitutionAddress": "13th St. 149,Charlestown,MA,US,02129",
	"DeviceSerialNumber": "67026",
	"StationName": "BAY4OC",
	"BodyPartExamined": "BRAIN",
	"PatientPosition": "HFS",
	"ProcedureStepDescription": "INVESTIGATORS^Laura",
	"SoftwareVersions": "syngo MR E11",
	"MRAcquisitionType": "2D",
	"SeriesDescription": "ep2d_sms_mgh_dynacor_SMS8_FOV4_VERSE1_FA41",
	"ProtocolName": "ep2d_sms_mgh_dynacor_SMS8_FOV4_VERSE1_FA41",
	"ScanningSequence": "EP",
	"SequenceVariant": "SK",
	"ScanOptions": "FS",
	"SequenceName": "epfSM2d1_92",
	"ImageType": ["ORIGINAL", "PRIMARY", "M", "ND", "MOSAIC"],
	"SeriesNumber": 13,
	"AcquisitionTime": "21:14:43.095000",
	"AcquisitionNumber": 1,
	"ImageComments": "SMS_MGH_V2.2; MB=8; FOVshift=4; K_PE=5; K_RO=5; CCR=1; LeakBlockOn;",
	"SliceThickness": 2.5,
	"SpacingBetweenSlices": 2.5,
	"SAR": 0.488609,
	"EchoTime": 0.032,
	"RepetitionTime": 0.367,
	"FlipAngle": 37,
	"PartialFourier": 1,
	"BaseResolution": 92,
	"ShimSetting": [
		-1248,
		-10470,
		-10141,
		617,
		4,
		246,
		-78,
		-54	],
	"TxRefAmp": 290.321,
	"PhaseResolution": 1,
	"VendorReportedEchoSpacing": 0.00054,
	"ReceiveCoilName": "HeadNeck_64",
	"ReceiveCoilActiveElements": "HC1-7",
	"PulseSequenceDetails": "%CustomerSeq%\\ep2d_bold_sms_mgh",
	"ConsistencyInfo": "N4_VE11B_LATEST_20150530",
	"MultibandAccelerationFactor": 8,
	"PercentPhaseFOV": 100,
	"PercentSampling": 100,
	"EchoTrainLength": 92,
	"PhaseEncodingSteps": 92,
	"AcquisitionMatrixPE": 92,
	"ReconMatrixPE": 92,
	"BandwidthPerPixelPhaseEncode": 20.129,
	"EffectiveEchoSpacing": 0.000539995,
	"DerivedVendorReportedEchoSpacing": 0.000539995,
	"TotalReadoutTime": 0.0491396,
	"PixelBandwidth": 3195,
	"DwellTime": 1.7e-06,
	"PhaseEncodingDirection": "j-",
	"SliceTiming": [
		0.145,
		0,
		0.22,
		0.0725,
		0.2925,
		0.145,
		0,
		0.22,
		0.0725,
		0.2925,
		0.145,
		0,
		0.22,
		0.0725,
		0.2925,
		0.145,
		0,
		0.22,
		0.0725,
		0.2925,
		0.145,
		0,
		0.22,
		0.0725,
		0.2925,
		0.145,
		0,
		0.22,
		0.0725,
		0.2925,
		0.145,
		0,
		0.22,
		0.0725,
		0.2925,
		0.145,
		0,
		0.22,
		0.0725,
		0.2925	],
	"ImageOrientationPatientDICOM": [
		0.997556,
		0.0596854,
		-0.0363288,
		-0.0653833,
		0.98073,
		-0.184103	],
	"InPlanePhaseEncodingDirectionDICOM": "COL",
	"ConversionSoftware": "dcm2niix",
	"ConversionSoftwareVersion": "v1.0.20210317"
}
