{
	"Modality": "MR",
	"MagneticFieldStrength": 3,
	"ImagingFrequency": 123.195,
	"Manufacturer": "Siemens",
	"ManufacturersModelName": "Prisma_fit",
	"InstitutionName": "MGH PrismaFit-Bay4",
	"InstitutionalDepartmentName": "Martinos Center",
	"InstitutionAddress": "13th St. 149,Charlestown,MA,US,02129",
	"DeviceSerialNumber": "67026",
	"StationName": "BAY4OC",
	"BodyPartExamined": "BRAIN",
	"PatientPosition": "HFS",
	"ProcedureStepDescription": "INVESTIGATORS^Laura",
	"SoftwareVersions": "syngo MR E11",
	"MRAcquisitionType": "2D",
	"SeriesDescription": "ep2d_bold_sms_mgh_ldl_SMS8_FA37_VERSE1",
	"ProtocolName": "ep2d_bold_sms_mgh_ldl_SMS8_FA37_VERSE1",
	"ScanningSequence": "EP",
	"SequenceVariant": "SK",
	"ScanOptions": "FS",
	"SequenceName": "epfSM2d1_92",
	"ImageType": ["ORIGINAL", "PRIMARY", "M", "ND", "MOSAIC"],
	"SeriesNumber": 9,
	"AcquisitionTime": "17:43:37.330000",
	"AcquisitionNumber": 1,
	"ImageComments": "SMS_MGH_V2.4; MB=8; FOVshift=4; K_PE=5; K_RO=5; CCR=1; LeakBlockOn;",
	"SliceThickness": 2.5,
	"SpacingBetweenSlices": 2.5,
	"SAR": 0.441658,
	"EchoTime": 0.03,
	"RepetitionTime": 0.367,
	"FlipAngle": 37,
	"PartialFourier": 1,
	"BaseResolution": 92,
	"ShimSetting": [
		-1188,
		-10498,
		-10147,
		623,
		109,
		92,
		58,
		0	],
	"TxRefAmp": 253.657,
	"PhaseResolution": 1,
	"VendorReportedEchoSpacing": 0.00053,
	"ReceiveCoilName": "HeadNeck_64",
	"ReceiveCoilActiveElements": "HC1-7",
	"PulseSequenceDetails": "%CustomerSeq%\\ep2d_bold_sms_mgh_ldl",
	"WipMemBlock": "9439d397-ae3b-4061-8d74-a38f2e611f26",
	"ConsistencyInfo": "N4_VE11C_LATEST_20160120",
	"MultibandAccelerationFactor": 8,
	"PercentPhaseFOV": 100,
	"PercentSampling": 100,
	"EchoTrainLength": 92,
	"PhaseEncodingSteps": 92,
	"AcquisitionMatrixPE": 92,
	"ReconMatrixPE": 92,
	"BandwidthPerPixelPhaseEncode": 20.509,
	"EffectiveEchoSpacing": 0.00052999,
	"DerivedVendorReportedEchoSpacing": 0.00052999,
	"TotalReadoutTime": 0.0482291,
	"PixelBandwidth": 3195,
	"DwellTime": 1.7e-06,
	"PhaseEncodingDirection": "j-",
	"SliceTiming": [
		0.14,
		0,
		0.2075,
		0.07,
		0.2775,
		0.14,
		0,
		0.2075,
		0.07,
		0.2775,
		0.14,
		0,
		0.2075,
		0.07,
		0.2775,
		0.14,
		0,
		0.2075,
		0.07,
		0.2775,
		0.14,
		0,
		0.2075,
		0.07,
		0.2775,
		0.14,
		0,
		0.2075,
		0.07,
		0.2775,
		0.14,
		0,
		0.2075,
		0.07,
		0.2775,
		0.14,
		0,
		0.2075,
		0.07,
		0.2775	],
	"ImageOrientationPatientDICOM": [
		0.998369,
		0.0172894,
		0.0544168,
		-3.5466e-09,
		0.953053,
		-0.302805	],
	"InPlanePhaseEncodingDirectionDICOM": "COL",
	"ConversionSoftware": "dcm2niix",
	"ConversionSoftwareVersion": "v1.0.20210317"
}
