{
	"Modality": "MR",
	"MagneticFieldStrength": 3,
	"ImagingFrequency": 123.221,
	"Manufacturer": "Siemens",
	"ManufacturersModelName": "Prisma_fit",
	"InstitutionName": "MGH PrismaFit-Bay4",
	"InstitutionalDepartmentName": "Martinos Center",
	"InstitutionAddress": "13th St. 149,Charlestown,MA,US,02129",
	"DeviceSerialNumber": "67026",
	"StationName": "BAY4OC",
	"BodyPartExamined": "BRAIN",
	"PatientPosition": "HFS",
	"ProcedureStepDescription": "INVESTIGATORS^Laura",
	"SoftwareVersions": "syngo MR E11",
	"MRAcquisitionType": "3D",
	"SeriesDescription": "MEMPRAGE_4e_1mm-iso RMS",
	"ProtocolName": "MEMPRAGE_4e_1mm-iso",
	"ScanningSequence": "GR\\IR",
	"SequenceVariant": "SK\\SP\\MP",
	"ScanOptions": "IR",
	"SequenceName": "tfl_me3d4_16ns",
	"ImageType": ["ORIGINAL", "PRIMARY", "OTHER", "ND", "NORM", "MEAN"],
	"SeriesNumber": 7,
	"AcquisitionTime": "15:59:47.060000",
	"AcquisitionNumber": 1,
	"SliceThickness": 1,
	"SAR": 0.075462,
	"NumberOfAverages": 4,
	"EchoTime": 0.00169,
	"RepetitionTime": 2.53,
	"InversionTime": 1.1,
	"FlipAngle": 7,
	"PartialFourier": 1,
	"BaseResolution": 256,
	"ShimSetting": [
		-1188,
		-10527,
		-10210,
		192,
		107,
		-257,
		23,
		-83	],
	"TxRefAmp": 336.985,
	"PhaseResolution": 1,
	"ReceiveCoilName": "HeadNeck_64",
	"ReceiveCoilActiveElements": "HC1-7",
	"PulseSequenceDetails": "%CustomerSeq%\\tfl_mgh_multiecho",
	"RefLinesPE": 32,
	"ConsistencyInfo": "N4_VE11B_LATEST_20150530",
	"PercentPhaseFOV": 100,
	"PercentSampling": 100,
	"PhaseEncodingSteps": 255,
	"AcquisitionMatrixPE": 256,
	"ReconMatrixPE": 256,
	"ParallelReductionFactorInPlane": 2,
	"PixelBandwidth": 650,
	"DwellTime": 3e-06,
	"ImageOrientationPatientDICOM": [
		0.0771508,
		0.962604,
		-0.259694,
		0.0606905,
		-0.264521,
		-0.962468	],
	"InPlanePhaseEncodingDirectionDICOM": "ROW",
	"ConversionSoftware": "dcm2niix",
	"ConversionSoftwareVersion": "v1.0.20210317"
}
