{
	"Modality": "MR",
	"MagneticFieldStrength": 3,
	"ImagingFrequency": 123.216,
	"Manufacturer": "Siemens",
	"ManufacturersModelName": "Prisma_fit",
	"InstitutionName": "Martinos Center Bay 4 Prisma",
	"InstitutionalDepartmentName": "Martinos Center",
	"InstitutionAddress": "13th St. 149,Charlestown,MA,US,02129",
	"DeviceSerialNumber": "67026",
	"StationName": "BAY4OC",
	"BodyPartExamined": "BRAIN",
	"PatientPosition": "HFS",
	"ProcedureStepDescription": "INVESTIGATORS^Laura",
	"SoftwareVersions": "syngo MR E11",
	"MRAcquisitionType": "2D",
	"SeriesDescription": "ep2d_sms_mgh_dynacor_SMS8_FOV4_VERSE1_FA41",
	"ProtocolName": "ep2d_sms_mgh_dynacor_SMS8_FOV4_VERSE1_FA41",
	"ScanningSequence": "EP",
	"SequenceVariant": "SK",
	"ScanOptions": "FS",
	"SequenceName": "epfSM2d1_92",
	"ImageType": ["ORIGINAL", "PRIMARY", "M", "ND", "MOSAIC"],
	"SeriesNumber": 10,
	"AcquisitionTime": "21:51:38.167500",
	"AcquisitionNumber": 1,
	"ImageComments": "SMS_MGH_V2.2; MB=8; FOVshift=4; K_PE=5; K_RO=5; CCR=1; LeakBlockOn;",
	"SliceThickness": 2.5,
	"SpacingBetweenSlices": 2.5,
	"SAR": 0.504075,
	"EchoTime": 0.032,
	"RepetitionTime": 0.367,
	"FlipAngle": 37,
	"PartialFourier": 1,
	"BaseResolution": 92,
	"ShimSetting": [
		-1189,
		-10459,
		-10100,
		550,
		31,
		190,
		-87,
		-31	],
	"TxRefAmp": 322.816,
	"PhaseResolution": 1,
	"VendorReportedEchoSpacing": 0.00054,
	"ReceiveCoilName": "HeadNeck_64",
	"ReceiveCoilActiveElements": "HC1-7",
	"PulseSequenceDetails": "%CustomerSeq%\\ep2d_bold_sms_mgh",
	"WipMemBlock": "fc0ad973-4ec9-4de1-a6d4-fb79789633a6",
	"ConsistencyInfo": "N4_VE11B_LATEST_20150530",
	"MultibandAccelerationFactor": 8,
	"PercentPhaseFOV": 100,
	"PercentSampling": 100,
	"EchoTrainLength": 92,
	"PhaseEncodingSteps": 92,
	"AcquisitionMatrixPE": 92,
	"ReconMatrixPE": 92,
	"BandwidthPerPixelPhaseEncode": 20.129,
	"EffectiveEchoSpacing": 0.000539995,
	"DerivedVendorReportedEchoSpacing": 0.000539995,
	"TotalReadoutTime": 0.0491396,
	"PixelBandwidth": 3195,
	"DwellTime": 1.7e-06,
	"PhaseEncodingDirection": "j-",
	"SliceTiming": [
		0.1475,
		0,
		0.22,
		0.075,
		0.295,
		0.1475,
		0,
		0.22,
		0.075,
		0.295,
		0.1475,
		0,
		0.22,
		0.075,
		0.295,
		0.1475,
		0,
		0.22,
		0.075,
		0.295,
		0.1475,
		0,
		0.22,
		0.075,
		0.295,
		0.1475,
		0,
		0.22,
		0.075,
		0.295,
		0.1475,
		0,
		0.22,
		0.075,
		0.295,
		0.1475,
		0,
		0.22,
		0.075,
		0.295	],
	"ImageOrientationPatientDICOM": [
		0.996748,
		-0.0171335,
		0.0787421,
		0.0409048,
		0.949466,
		-0.311194	],
	"InPlanePhaseEncodingDirectionDICOM": "COL",
	"ConversionSoftware": "dcm2niix",
	"ConversionSoftwareVersion": "v1.0.20210317"
}
